GEM
  remote: http://ruby.taobao.org/
  specs:
    bootstrap-sass (3.1.1.1)
      sass (~> 3.2)
    daemons (1.1.9)
    eventmachine (1.0.3)
    expectation (0.3.1)
    oj (2.9.3)
    rack (1.5.2)
    rack-protection (1.5.3)
      rack
    redis (3.0.7)
    sass (3.3.7)
    sinatra (1.4.5)
      rack (~> 1.4)
      rack-protection (~> 1.4)
      tilt (~> 1.3, >= 1.3.4)
    sinatra-sse (0.1)
      expectation
      sinatra
    thin (1.6.2)
      daemons (>= 1.0.9)
      eventmachine (>= 1.0.0)
      rack (>= 1.0.0)
    tilt (1.4.1)

PLATFORMS
  ruby

DEPENDENCIES
  bootstrap-sass
  oj
  redis
  sinatra
  sinatra-sse
  thin
